REDIRECTS: ON
FRAMEWORK: NET452
NUGET
  remote: https://www.nuget.org/api/v2
    FAKE (4.26)
    FSharp.Core (4.0.0.1)
    Newtonsoft.Json (9.0.1)
    Suave (1.1.2)
      FSharp.Core (>= 3.1.2.5)
