REDIRECTS: ON
FRAMEWORK: NET452
NUGET
  remote: https://www.nuget.org/api/v2
    FAKE (4.26)
    FSharp.Core (4.0.0.1)
    Microsoft.AspNetCore.Authorization (1.1)
      Microsoft.Extensions.Logging.Abstractions (>= 1.1)
      Microsoft.Extensions.Options (>= 1.1)
      NETStandard.Library (>= 1.6.1)
    Microsoft.AspNetCore.Hosting.Abstractions (1.1)
      Microsoft.AspNetCore.Hosting.Server.Abstractions (>= 1.1)
      Microsoft.AspNetCore.Http.Abstractions (>= 1.1)
      Microsoft.Extensions.Configuration.Abstractions (>= 1.1)
      Microsoft.Extensions.DependencyInjection.Abstractions (>= 1.1)
      Microsoft.Extensions.FileProviders.Abstractions (>= 1.1)
      Microsoft.Extensions.Logging.Abstractions (>= 1.1)
      NETStandard.Library (>= 1.6.1)
    Microsoft.AspNetCore.Hosting.Server.Abstractions (1.1)
      Microsoft.AspNetCore.Http.Features (>= 1.1)
      Microsoft.Extensions.Configuration.Abstractions (>= 1.1)
      NETStandard.Library (>= 1.6.1)
    Microsoft.AspNetCore.Http (1.1)
      Microsoft.AspNetCore.Http.Abstractions (>= 1.1)
      Microsoft.AspNetCore.WebUtilities (>= 1.1)
      Microsoft.Extensions.ObjectPool (>= 1.1)
      Microsoft.Extensions.Options (>= 1.1)
      Microsoft.Net.Http.Headers (>= 1.1)
      NETStandard.Library (>= 1.6.1)
      System.Buffers (>= 4.3)
    Microsoft.AspNetCore.Http.Abstractions (1.1)
      Microsoft.AspNetCore.Http.Features (>= 1.1)
      Microsoft.Extensions.Primitives (>= 1.1)
      NETStandard.Library (>= 1.6.1)
      System.Text.Encodings.Web (>= 4.3)
    Microsoft.AspNetCore.Http.Extensions (1.1)
      Microsoft.AspNetCore.Http.Abstractions (>= 1.1)
      Microsoft.Extensions.FileProviders.Abstractions (>= 1.1)
      Microsoft.Net.Http.Headers (>= 1.1)
      NETStandard.Library (>= 1.6.1)
      System.Buffers (>= 4.3)
    Microsoft.AspNetCore.Http.Features (1.1)
      Microsoft.Extensions.Primitives (>= 1.1)
      NETStandard.Library (>= 1.6.1)
    Microsoft.AspNetCore.JsonPatch (1.1)
      NETStandard.Library (>= 1.6.1)
      Newtonsoft.Json (>= 9.0.1)
    Microsoft.AspNetCore.Mvc.Abstractions (1.1)
      Microsoft.AspNetCore.Routing.Abstractions (>= 1.1)
      Microsoft.Net.Http.Headers (>= 1.1)
      NETStandard.Library (>= 1.6.1)
    Microsoft.AspNetCore.Mvc.Core (1.1)
      Microsoft.AspNetCore.Authorization (>= 1.1)
      Microsoft.AspNetCore.Hosting.Abstractions (>= 1.1)
      Microsoft.AspNetCore.Http (>= 1.1)
      Microsoft.AspNetCore.Mvc.Abstractions (>= 1.1)
      Microsoft.AspNetCore.ResponseCaching.Abstractions (>= 1.1)
      Microsoft.AspNetCore.Routing (>= 1.1)
      Microsoft.Extensions.DependencyModel (>= 1.1)
      Microsoft.Extensions.FileProviders.Abstractions (>= 1.1)
      Microsoft.Extensions.Logging.Abstractions (>= 1.1)
      Microsoft.Extensions.PlatformAbstractions (>= 1.1)
      NETStandard.Library (>= 1.6.1)
      System.Buffers (>= 4.3)
      System.Diagnostics.DiagnosticSource (>= 4.3)
    Microsoft.AspNetCore.Mvc.Formatters.Json (1.1)
      Microsoft.AspNetCore.JsonPatch (>= 1.1)
      Microsoft.AspNetCore.Mvc.Core (>= 1.1)
      NETStandard.Library (>= 1.6.1)
    Microsoft.AspNetCore.ResponseCaching.Abstractions (1.1)
      Microsoft.Extensions.Primitives (>= 1.1)
    Microsoft.AspNetCore.Routing (1.1)
      Microsoft.AspNetCore.Http.Extensions (>= 1.1)
      Microsoft.AspNetCore.Routing.Abstractions (>= 1.1)
      Microsoft.Extensions.Logging.Abstractions (>= 1.1)
      Microsoft.Extensions.ObjectPool (>= 1.1)
      Microsoft.Extensions.Options (>= 1.1)
      NETStandard.Library (>= 1.6.1)
    Microsoft.AspNetCore.Routing.Abstractions (1.1)
      Microsoft.AspNetCore.Http.Abstractions (>= 1.1)
      NETStandard.Library (>= 1.6.1)
    Microsoft.AspNetCore.WebUtilities (1.1)
      Microsoft.Extensions.Primitives (>= 1.1)
      Microsoft.Net.Http.Headers (>= 1.1)
      NETStandard.Library (>= 1.6.1)
      System.Buffers (>= 4.3)
      System.Text.Encodings.Web (>= 4.3)
    Microsoft.Azure.KeyVault.Core (2.0.4)
    Microsoft.Data.Edm (5.8.1)
    Microsoft.Data.OData (5.8.1)
      Microsoft.Data.Edm (5.8.1)
      System.Spatial (5.8.1)
    Microsoft.Data.Services.Client (5.8.1)
      Microsoft.Data.OData (5.8.1)
    Microsoft.DotNet.PlatformAbstractions (1.1)
    Microsoft.Extensions.Configuration.Abstractions (1.1)
    Microsoft.Extensions.DependencyInjection.Abstractions (1.1)
    Microsoft.Extensions.DependencyModel (1.1)
      Microsoft.DotNet.PlatformAbstractions (>= 1.1)
      Newtonsoft.Json (>= 9.0.1)
    Microsoft.Extensions.FileProviders.Abstractions (1.1)
    Microsoft.Extensions.Logging.Abstractions (1.1)
      NETStandard.Library (>= 1.6.1)
    Microsoft.Extensions.ObjectPool (1.1)
      NETStandard.Library (>= 1.6.1)
    Microsoft.Extensions.Options (1.1)
    Microsoft.Extensions.PlatformAbstractions (1.1)
      NETStandard.Library (>= 1.6.1)
    Microsoft.Extensions.Primitives (1.1)
    Microsoft.Net.Http.Headers (1.1)
      Microsoft.Extensions.Primitives (>= 1.1)
      NETStandard.Library (>= 1.6.1)
      System.Buffers (>= 4.3)
      System.Diagnostics.Contracts (>= 4.3)
    NETStandard.Library (1.6.1)
      System.Collections.Concurrent (>= 4.3)
      System.Diagnostics.Tracing (>= 4.3)
      System.IO.Compression (>= 4.3)
      System.Net.Http (>= 4.3)
      System.Runtime.InteropServices (>= 4.3)
      System.Runtime.InteropServices.RuntimeInformation (>= 4.3)
      System.Runtime.Numerics (>= 4.3)
      System.Threading.Timer (>= 4.3)
    Newtonsoft.Json (9.0.1)
    SharpZipLib (0.86)
    Suave (1.1.2)
      FSharp.Core (>= 3.1.2.5)
    Suave.Swagger (1.0)
      FSharp.Core
      Newtonsoft.Json
      SharpZipLib
      Suave
    Swagger (1.0)
      Microsoft.AspNetCore.Mvc.Core (>= 1.0)
      Microsoft.AspNetCore.Mvc.Formatters.Json (>= 1.0)
    System.Buffers (4.3)
    System.Collections.Concurrent (4.3)
    System.Diagnostics.Contracts (4.3)
    System.Diagnostics.DiagnosticSource (4.3)
    System.Diagnostics.Tracing (4.3)
    System.IO.Compression (4.3)
    System.Net.Http (4.3)
    System.Runtime.InteropServices (4.3)
    System.Runtime.InteropServices.RuntimeInformation (4.3)
    System.Runtime.Numerics (4.3)
    System.Spatial (5.8.1)
    System.Text.Encodings.Web (4.3)
    System.Threading.Timer (4.3)
    WindowsAzure.Storage (8.0)
      Microsoft.Azure.KeyVault.Core (>= 1.0)
      Microsoft.Data.OData (>= 5.7)
      Microsoft.Data.Services.Client (>= 5.7)
      Newtonsoft.Json (>= 6.0.8)
